GIT
  remote: git@github.com:pivotal/jasmine-gem.git
  revision: 953d17dff4b4adba79b2a808b55cf33f4ff93af7
  specs:
    jasmine (1.2.0.rc2)
      jasmine-core (>= 1.2.0.rc1)
      rack (>= 1.1)
      rspec (>= 1.3.1)
      selenium-webdriver (>= 0.1.3)

GEM
  remote: http://rubygems.org/
  specs:
    POpen4 (0.1.4)
      Platform (>= 0.4.0)
      open4
    Platform (0.4.0)
    childprocess (0.2.3)
      ffi (~> 1.0.6)
    chunky_png (1.2.5)
    compass (0.11.5)
      chunky_png (~> 1.2)
      fssm (>= 0.2.7)
      sass (~> 3.1)
    compass-recipes (0.2.0)
      compass (>= 0.11.5)
    diff-lcs (1.1.3)
    ffi (1.0.11)
    fssm (0.2.7)
    haml (3.1.4)
    jammit (0.6.5)
      yui-compressor (>= 0.9.3)
    jasmine-core (1.2.0.rc1)
    multi_json (1.0.4)
    open4 (1.3.0)
    rack (1.3.5)
    rake (0.9.2)
    rspec (2.7.0)
      rspec-core (~> 2.7.0)
      rspec-expectations (~> 2.7.0)
      rspec-mocks (~> 2.7.0)
    rspec-core (2.7.1)
    rspec-expectations (2.7.0)
      diff-lcs (~> 1.1.2)
    rspec-mocks (2.7.0)
    rubyzip (0.9.5)
    sass (3.1.11)
    selenium-webdriver (2.15.0)
      childprocess (>= 0.2.1)
      ffi (~> 1.0.9)
      multi_json (~> 1.0.4)
      rubyzip
    tilt (1.3.3)
    yui-compressor (0.9.6)
      POpen4 (>= 0.1.4)

PLATFORMS
  ruby

DEPENDENCIES
  compass
  compass-recipes
  haml
  jammit
  jasmine!
  rake
  sass
  tilt (>= 1.3)
